GIT
  remote: git://github.com/krohrbaugh/rack-pygmoku.git
  revision: 8ef8c473c01ea9751cf7820896b45269cf492f25
  specs:
    rack-pygmoku (0.1.0)
      nokogiri (~> 1.4)
      nokogiri (~> 1.4)
      pygments.rb (~> 0)
      pygments.rb (~> 0.1)
      rack

GEM
  remote: https://rubygems.org/
  specs:
    albino (1.3.3)
      posix-spawn (>= 0.3.6)
    blankslate (2.1.2.4)
    classifier (1.3.3)
      fast-stemmer (>= 1.0.0)
    directory_watcher (1.4.1)
    fast-stemmer (1.0.1)
    ffi (1.0.11)
    jekyll (0.11.2)
      albino (~> 1.3)
      classifier (~> 1.3)
      directory_watcher (~> 1.1)
      kramdown (~> 0.13)
      liquid (~> 2.3)
      maruku (~> 0.5)
    kramdown (0.14.1)
    liquid (2.4.1)
    maruku (0.6.1)
      syntax (>= 1.0.0)
    nokogiri (1.5.2)
    posix-spawn (0.3.6)
    pygments.rb (0.2.3)
      rubypython (>= 0.5.1)
    rack (1.4.1)
    rdiscount (1.6.8)
    rubypython (0.5.1)
      blankslate (>= 2.1.2.3)
      ffi (~> 1.0.7)
    syntax (1.0.0)

PLATFORMS
  ruby

DEPENDENCIES
  jekyll
  rack-pygmoku!
  rdiscount
  rubypython (= 0.5.1)
